GEM
  remote: https://rubygems.org/
  specs:
    breakpoint (2.7.0)
      sass (~> 3.3)
      sassy-maps (< 1.0.0)
    colorator (0.1)
    ffi (1.9.10)
    ffi (1.9.10-x86-mingw32)
    jekyll (3.1.3)
      colorator (~> 0.1)
      jekyll-sass-converter (~> 1.0)
      jekyll-watch (~> 1.1)
      kramdown (~> 1.3)
      liquid (~> 3.0)
      mercenary (~> 0.3.3)
      rouge (~> 1.7)
      safe_yaml (~> 1.0)
    jekyll-sass-converter (1.4.0)
      sass (~> 3.4)
    jekyll-watch (1.3.1)
      listen (~> 3.0)
    jgd (1.7.1)
      jekyll (>= 1.5.1)
      trollop (= 2.1.2)
    json (1.8.3)
    kramdown (1.10.0)
    liquid (3.0.6)
    listen (3.1.1)
      rb-fsevent (>= 0.9.3)
      rb-inotify (>= 0.9.7)
    mercenary (0.3.6)
    normalize-scss (4.1.0)
      sass (~> 3.3)
    rb-fsevent (0.9.7)
    rb-inotify (0.9.7)
      ffi (>= 0.5.0)
    rouge (1.10.1)
    safe_yaml (1.0.4)
    sass (3.4.22)
    sassy-maps (0.4.0)
      sass (~> 3.3)
    susy (2.2.12)
      sass (>= 3.3.0, < 3.5)
    trollop (2.1.2)

PLATFORMS
  ruby
  x86-mingw32

DEPENDENCIES
  breakpoint
  bundler
  jekyll
  jgd
  json
  normalize-scss
  sass
  susy

BUNDLED WITH
   1.12.5
